PATH
  remote: .
  specs:
    hipchat-cli (0.1.0)
      hipchat

GEM
  remote: https://rubygems.org/
  specs:
    hipchat (1.5.4)
      httparty
      mimemagic
    httparty (0.14.0)
      multi_xml (>= 0.5.2)
    mimemagic (0.3.2)
    multi_xml (0.5.5)

PLATFORMS
  ruby

DEPENDENCIES
  hipchat-cli!

BUNDLED WITH
   1.13.6
