PATH
  remote: .
  specs:
    hipchat-cli (0.0.1)
      hipchat

GEM
  remote: https://rubygems.org/
  specs:
    hipchat (0.11.0)
      httparty
    httparty (0.11.0)
      multi_json (~> 1.0)
      multi_xml (>= 0.5.2)
    multi_json (1.7.7)
    multi_xml (0.5.4)

PLATFORMS
  ruby

DEPENDENCIES
  hipchat-cli!
